GEM
  remote: https://rubygems.org/
  specs:
    activesupport (4.0.4)
      i18n (~> 0.6, >= 0.6.9)
      minitest (~> 4.2)
      multi_json (~> 1.3)
      thread_safe (~> 0.1)
      tzinfo (~> 0.3.37)
    addressable (2.3.5)
    atomic (1.1.16)
    axiom-types (0.1.0)
      descendants_tracker (~> 0.0.3)
      ice_nine (~> 0.11.0)
      thread_safe (~> 0.1.3)
    builder (3.2.2)
    coercible (1.0.0)
      descendants_tracker (~> 0.0.1)
    crack (0.4.2)
      safe_yaml (~> 1.0.0)
    descendants_tracker (0.0.3)
    diff-lcs (1.2.5)
    equalizer (0.0.9)
    grape (0.6.1)
      activesupport
      builder
      hashie (>= 1.2.0)
      multi_json (>= 1.3.2)
      multi_xml (>= 0.5.2)
      rack (>= 1.3.0)
      rack-accept
      rack-mount
      virtus (>= 1.0.0)
    hashie (2.0.5)
    httparty (0.13.0)
      json (~> 1.8)
      multi_xml (>= 0.5.2)
    i18n (0.6.9)
    ice_nine (0.11.0)
    json (1.8.1)
    minitest (4.7.5)
    multi_json (1.9.2)
    multi_xml (0.5.5)
    rack (1.5.2)
    rack-accept (0.4.5)
      rack (>= 0.4)
    rack-mount (0.8.3)
      rack (>= 1.0.0)
    rack-test (0.6.2)
      rack (>= 1.0)
    rake (10.1.1)
    rspec (2.14.1)
      rspec-core (~> 2.14.0)
      rspec-expectations (~> 2.14.0)
      rspec-mocks (~> 2.14.0)
    rspec-core (2.14.8)
    rspec-expectations (2.14.5)
      diff-lcs (>= 1.1.3, < 2.0)
    rspec-mocks (2.14.6)
    safe_yaml (1.0.1)
    thread_safe (0.1.3)
      atomic
    tzinfo (0.3.39)
    vcr (2.8.0)
    virtus (1.0.2)
      axiom-types (~> 0.1)
      coercible (~> 1.0)
      descendants_tracker (~> 0.0.3)
      equalizer (~> 0.0.9)
    webmock (1.17.2)
      addressable (>= 2.2.7)
      crack (>= 0.3.2)

PLATFORMS
  ruby

DEPENDENCIES
  grape
  hashie
  httparty
  rack-test
  rake
  rspec
  vcr
  webmock
